GEM
  remote: https://rubygems.org/
  specs:
    clockwork (0.5.0)
      tzinfo (~> 0.3.35)
    faraday (0.8.7)
      multipart-post (~> 1.1)
    multi_json (1.7.3)
    multipart-post (1.2.0)
    simple_oauth (0.2.0)
    twitter (4.6.2)
      faraday (~> 0.8, < 0.10)
      multi_json (~> 1.0)
      simple_oauth (~> 0.2)
    tzinfo (0.3.37)

PLATFORMS
  x86-mingw32

DEPENDENCIES
  clockwork
  twitter
